PATH
  remote: .
  specs:
    erb2haml_cli (0.0.1)
      erubis (> 0)
      hpricot (> 0)
      ruby_parser (> 0)

GEM
  remote: https://rubygems.org/
  specs:
    erubis (2.7.0)
    hpricot (0.8.6)
    ruby_parser (2.3.1)
      sexp_processor (~> 3.0)
    sexp_processor (3.2.0)

PLATFORMS
  ruby

DEPENDENCIES
  erb2haml_cli!
